GEM
  remote: https://rubygems.org/
  specs:
    appsignal (3.3.7)
      rack
    eventmachine (1.2.7)
    faye-websocket (0.11.1)
      eventmachine (>= 0.12.0)
      websocket-driver (>= 0.5.1)
    nio4r (2.5.8)
    puma (6.1.1)
      nio4r (~> 2.0)
    rack (3.0.6.1)
    websocket-driver (0.7.5)
      websocket-extensions (>= 0.1.0)
    websocket-extensions (0.1.5)

PLATFORMS
  arm64-darwin-21
  x86_64-linux

DEPENDENCIES
  appsignal (~> 3.3)
  faye-websocket (~> 0.11.1)
  puma (~> 6.0)
  rack (~> 3.0)

BUNDLED WITH
   2.3.23
